PATH
  remote: .
  specs:
    symbol-utilities (0.1.0)
      frontkick (~> 0.5, >= 0.5.7)
      influxdb (~> 0.8, >= 0.8.0)
      jls-grok (~> 0.11, >= 0.11.5)
      mustache (~> 1.1, >= 1.1.1)

GEM
  remote: https://rubygems.org/
  specs:
    byebug (11.1.1)
    cabin (0.9.0)
    coderay (1.1.2)
    diff-lcs (1.3)
    frontkick (0.5.7)
    influxdb (0.8.0)
    jls-grok (0.11.5)
      cabin (>= 0.6.0)
    method_source (1.0.0)
    mustache (1.1.1)
    pry (0.13.0)
      coderay (~> 1.1)
      method_source (~> 1.0)
    pry-byebug (3.9.0)
      byebug (~> 11.0)
      pry (~> 0.13.0)
    rspec (3.9.0)
      rspec-core (~> 3.9.0)
      rspec-expectations (~> 3.9.0)
      rspec-mocks (~> 3.9.0)
    rspec-core (3.9.1)
      rspec-support (~> 3.9.1)
    rspec-expectations (3.9.1)
      diff-lcs (>= 1.2.0, < 2.0)
      rspec-support (~> 3.9.0)
    rspec-mocks (3.9.1)
      diff-lcs (>= 1.2.0, < 2.0)
      rspec-support (~> 3.9.0)
    rspec-support (3.9.2)

PLATFORMS
  ruby

DEPENDENCIES
  pry-byebug
  rspec (~> 3.6, >= 3.6.0)
  symbol-utilities!

BUNDLED WITH
   2.1.4
